GEM
  remote: https://rubygems.org/
  specs:
    concurrent-ruby (1.2.2)
    connection_pool (2.4.1)
    rack (3.0.8)
    redis (5.0.6)
      redis-client (>= 0.9.0)
    redis-client (0.14.1)
      connection_pool
    sidekiq (7.1.2)
      concurrent-ruby (< 2)
      connection_pool (>= 2.3.0)
      rack (>= 2.2.4)
      redis-client (>= 0.14.0)
    uri (0.12.2)

PLATFORMS
  x86_64-darwin-22

DEPENDENCIES
  redis
  sidekiq
  uri

RUBY VERSION
   ruby 3.2.2p53

BUNDLED WITH
   2.4.10
